PATH
  remote: .
  specs:
    clintegracon (0.9.0)
      colored2 (~> 3.1)
      diffy

GEM
  remote: https://rubygems.org/
  specs:
    activesupport (4.2.1)
      i18n (~> 0.7)
      json (~> 1.7, >= 1.7.7)
      minitest (~> 5.1)
      thread_safe (~> 0.3, >= 0.3.4)
      tzinfo (~> 1.1)
    bacon (1.2.0)
    claide (0.8.1)
    coderay (1.1.0)
    colored2 (3.1.2)
    diffy (3.2.1)
    i18n (0.7.0)
    inch (0.6.1)
      pry
      sparkr (>= 0.2.0)
      term-ansicolor
      yard (~> 0.8.7.5)
    json (1.8.6)
    metaclass (0.0.4)
    method_source (0.8.2)
    minitest (5.6.1)
    mocha (1.1.0)
      metaclass (~> 0.0.1)
    mocha-on-bacon (0.2.2)
      mocha (>= 0.13.0)
    prettybacon (0.0.2)
      bacon (~> 1.2)
    pry (0.10.1)
      coderay (~> 1.1.0)
      method_source (~> 0.8.1)
      slop (~> 3.4)
    rake (13.0.3)
    slop (3.6.0)
    sparkr (0.4.1)
    term-ansicolor (1.3.0)
      tins (~> 1.0)
    thread_safe (0.3.6)
    tins (1.5.1)
    tzinfo (1.2.10)
      thread_safe (~> 0.1)
    yard (0.8.7.6)

PLATFORMS
  ruby

DEPENDENCIES
  activesupport (>= 3.1)
  bacon
  bundler
  claide (~> 0.8)
  clintegracon!
  inch
  mocha-on-bacon
  prettybacon
  rake

BUNDLED WITH
   2.2.4
